GEM
  remote: https://rubygems.org/
  specs:
    id3tag (0.12.1)

PLATFORMS
  ruby

DEPENDENCIES
  id3tag

RUBY VERSION
   ruby 2.7.0p0

BUNDLED WITH
   2.1.2
